GEM
  remote: https://rubygems.org/
  specs:
    activemodel (3.2.15)
      activesupport (= 3.2.15)
      builder (~> 3.0.0)
    activesupport (3.2.15)
      i18n (~> 0.6, >= 0.6.4)
      multi_json (~> 1.0)
    builder (3.0.4)
    curb (0.8.1)
    docsplit (0.6.3)
    faraday (0.8.8)
      multipart-post (~> 1.2.0)
    i18n (0.6.5)
    kgio (2.8.1)
    mail (2.5.4)
      mime-types (~> 1.16)
      treetop (~> 1.4.8)
    mime-types (1.25)
    mongoid (3.0.14)
      activemodel (~> 3.1)
      moped (~> 1.1)
      origin (~> 1.0)
      tzinfo (~> 0.3.22)
    moped (1.5.1)
    multi_json (1.8.2)
    multipart-post (1.2.0)
    nokogiri (1.5.5)
    oj (1.3.0)
    origin (1.1.0)
    paint (0.8.6)
    polyglot (0.3.3)
    pony (1.0.1)
      mail (> 2.0)
    rack (1.5.2)
    rack-protection (1.5.1)
      rack
    raindrops (0.12.0)
    rubberband (0.9.8)
      faraday (~> 0.8.0)
      multi_json
    ruby-hmac (0.4.0)
    ruby-ole (1.2.11.7)
    safe_yaml (0.9.7)
    sinatra (1.3.3)
      rack (~> 1.3, >= 1.3.6)
      rack-protection (~> 1.2)
      tilt (~> 1.3, >= 1.3.3)
    sinatra-cross_origin (0.2.0)
    spreadsheet (0.9.7)
      ruby-ole (>= 1.0)
    tilt (1.4.1)
    treetop (1.4.15)
      polyglot
      polyglot (>= 0.3.1)
    tzinfo (0.3.23)
    unicorn (4.6.3)
      kgio (~> 2.6)
      rack
      raindrops (~> 0.7)
    us-documents (0.3.0)
      nokogiri
    wirb (1.0.2)
      paint
    yajl-ruby (1.1.0)

PLATFORMS
  ruby

DEPENDENCIES
  curb (= 0.8.1)
  docsplit (= 0.6.3)
  mongoid (= 3.0.14)
  nokogiri (= 1.5.5)
  oj (= 1.3.0)
  paint
  pony (= 1.0.1)
  rack
  rubberband (= 0.9.8)
  ruby-hmac (= 0.4.0)
  safe_yaml
  sinatra (= 1.3.3)
  sinatra-cross_origin
  spreadsheet
  tzinfo (= 0.3.23)
  unicorn
  us-documents
  wirb
  yajl-ruby (= 1.1.0)
